GEM
  remote: http://rubygems.org/
  specs:
    dotenv (1.0.2)
    faraday (0.9.0)
      multipart-post (>= 1.2, < 3)
    faraday_middleware (0.9.1)
      faraday (>= 0.7.4, < 0.10)
    foreman (0.76.0)
      dotenv (~> 1.0.2)
      thor (~> 0.19.1)
    json (1.8.1)
    multipart-post (2.0.0)
    newrelic_plugin (1.3.1)
      json
    rabbitmq_manager (0.1.0)
      faraday
      faraday_middleware
    redis (3.1.0)
    thor (0.19.1)

PLATFORMS
  ruby

DEPENDENCIES
  foreman
  newrelic_plugin
  rabbitmq_manager (~> 0.1.0)
  redis
