GEM
  remote: http://rubygems.org/
  specs:
    faraday (0.13.1)
      multipart-post (>= 1.2, < 3)
    faraday_middleware (0.12.2)
      faraday (>= 0.7.4, < 1.0)
    foreman (0.84.0)
      thor (~> 0.19.1)
    json (2.1.0)
    multipart-post (2.0.0)
    newrelic_plugin (1.3.1)
      json
    rabbitmq_manager (0.1.0)
      faraday
      faraday_middleware
    redis (4.0.1)
    thor (0.19.4)

PLATFORMS
  ruby

DEPENDENCIES
  foreman
  newrelic_plugin
  rabbitmq_manager (~> 0.1.0)
  redis

BUNDLED WITH
   1.15.0
