GIT
  remote: git@github.com:newrelic-platform/newrelic_plugin.git
  revision: 3e5396aebda96248b0988f6e864b5a7f921696c7
  branch: master
  specs:
    newrelic_plugin (1.3.1)
      json

GEM
  remote: http://rubygems.org/
  specs:
    faraday (0.13.1)
      multipart-post (>= 1.2, < 3)
    faraday_middleware (0.12.2)
      faraday (>= 0.7.4, < 1.0)
    json (2.1.0)
    multipart-post (2.0.0)
    rabbitmq_manager (0.1.0)
      faraday
      faraday_middleware

PLATFORMS
  ruby

DEPENDENCIES
  newrelic_plugin!
  rabbitmq_manager (~> 0.1.0)

BUNDLED WITH
   1.15.0
